PATH
  remote: .
  specs:
    tinify (1.7.0)
      httpclient (>= 2.9, < 3)

GEM
  remote: https://rubygems.org/
  specs:
    addressable (2.8.7)
      public_suffix (>= 2.0.2, < 7.0)
    base64 (0.2.0)
    bigdecimal (3.1.9)
    bigdecimal (3.1.9-java)
    crack (1.0.0)
      bigdecimal
      rexml
    hashdiff (1.1.2)
    httpclient (2.9.0)
      mutex_m
    minitest (5.25.5)
    mutex_m (0.3.0)
    public_suffix (6.0.1)
    rake (13.2.1)
    rexml (3.4.4)
    webmock (3.25.1)
      addressable (>= 2.8.0)
      crack (>= 0.3.2)
      hashdiff (>= 0.4.0, < 2.0.0)

PLATFORMS
  arm64-darwin
  java
  ruby
  x64-mingw-ucrt
  x86_64-darwin
  x86_64-linux

DEPENDENCIES
  base64
  minitest
  rake
  tinify!
  webmock

BUNDLED WITH
   2.3.27
