PATH
  remote: .
  specs:
    tinify (1.6.0)
      httpclient (~> 2.6)

GEM
  remote: https://rubygems.org/
  specs:
    addressable (2.8.1)
      public_suffix (>= 2.0.2, < 6.0)
    crack (0.4.5)
      rexml
    hashdiff (0.3.9)
    httpclient (2.8.3)
    minitest (5.25.5)
    public_suffix (5.0.0)
    rake (13.2.1)
    rexml (3.2.5)
    webmock (1.23.0)
      addressable (>= 2.3.6)
      crack (>= 0.3.2)
      hashdiff

PLATFORMS
  ruby

DEPENDENCIES
  minitest
  rake
  tinify!
  webmock (~> 1.23.0)

BUNDLED WITH
   2.3.19
